PATH
  remote: .
  specs:
    jdbc-filemaker (0.0.3)

GEM
  remote: https://rubygems.org/
  specs:
    rake (10.4.2)

PLATFORMS
  java
  ruby

DEPENDENCIES
  jdbc-filemaker!
  rake

BUNDLED WITH
   1.10.6
